GEM
  remote: http://rubygems.org/
  specs:
    active_hash (0.9.13)
      activesupport (>= 2.2.2)
    activesupport (3.2.12)
      i18n (~> 0.6)
      multi_json (~> 1.0)
    git (1.2.5)
    i18n (0.6.4)
    jeweler (1.8.4)
      bundler (~> 1.0)
      git (>= 1.2.5)
      rake
      rdoc
    json (1.7.7)
    multi_json (1.6.1)
    rake (10.0.3)
    rdoc (3.12.1)
      json (~> 1.4)

PLATFORMS
  ruby

DEPENDENCIES
  active_hash
  bundler
  jeweler
